PATH
  remote: .
  specs:
    log_switch (0.4.0)

GEM
  remote: http://rubygems.org/
  specs:
    diff-lcs (1.1.3)
    rake (10.0.0)
    rspec (2.12.0)
      rspec-core (~> 2.12.0)
      rspec-expectations (~> 2.12.0)
      rspec-mocks (~> 2.12.0)
    rspec-core (2.12.0)
    rspec-expectations (2.12.0)
      diff-lcs (~> 1.1.3)
    rspec-mocks (2.12.0)
    yard (0.8.3)

PLATFORMS
  java
  ruby

DEPENDENCIES
  bundler
  log_switch!
  rake
  rspec (>= 2.6.0)
  yard (>= 0.7.2)
