PATH
  remote: .
  specs:
    log_switch (0.4.0)

GEM
  remote: http://rubygems.org/
  specs:
    diff-lcs (1.1.3)
    multi_json (1.0.4)
    rake (0.9.2.2)
    rspec (2.6.0)
      rspec-core (~> 2.6.0)
      rspec-expectations (~> 2.6.0)
      rspec-mocks (~> 2.6.0)
    rspec-core (2.6.4)
    rspec-expectations (2.6.0)
      diff-lcs (~> 1.1.2)
    rspec-mocks (2.6.0)
    simplecov (0.5.4)
      multi_json (~> 1.0.3)
      simplecov-html (~> 0.5.3)
    simplecov-html (0.5.3)
    tailor (1.1.2)
      log_switch (>= 0.3.0)
      term-ansicolor (>= 1.0.5)
      text-table (>= 1.2.2)
    term-ansicolor (1.0.7)
    text-table (1.2.2)
    yard (0.7.5)

PLATFORMS
  java
  ruby

DEPENDENCIES
  bundler
  log_switch!
  rake
  rspec (>= 2.6.0)
  simplecov
  tailor (>= 1.1.2)
  yard (>= 0.7.2)
